GEM
  remote: https://rubygems.org/
  specs:
    appraisal (2.5.0)
      bundler
      rake
      thor (>= 0.14.0)
    diff-lcs (1.5.1)
    rack (2.2.10)
    rake (13.2.1)
    rspec (3.13.0)
      rspec-core (~> 3.13.0)
      rspec-expectations (~> 3.13.0)
      rspec-mocks (~> 3.13.0)
    rspec-core (3.13.2)
      rspec-support (~> 3.13.0)
    rspec-expectations (3.13.3)
      diff-lcs (>= 1.2.0, < 2.0)
      rspec-support (~> 3.13.0)
    rspec-mocks (3.13.2)
      diff-lcs (>= 1.2.0, < 2.0)
      rspec-support (~> 3.13.0)
    rspec-support (3.13.1)
    thor (1.3.2)

PLATFORMS
  universal-java-1.8
  universal-java-11
  universal-java-17
  universal-java-21

DEPENDENCIES
  appraisal
  rack (~> 2.2, < 3.0)
  rake (~> 13.2)
  rspec

BUNDLED WITH
   2.6.3
